GEM
  remote: https://rubygems.org/
  specs:
    figaro (1.1.1)
      thor (~> 0.14)
    thor (0.19.4)

PLATFORMS
  ruby

DEPENDENCIES
  figaro

RUBY VERSION
   ruby 2.4.2p198

BUNDLED WITH
   1.16.0.pre.3
